GEM
  remote: https://rubygems.org/
  specs:
    addressable (2.3.8)
    anemone (0.7.2)
      nokogiri (>= 1.3.0)
      robotex (>= 1.0.0)
    buftok (0.2.0)
    daemons (1.2.3)
    dbi (0.4.5)
      deprecated (= 2.0.1)
    deprecated (2.0.1)
    domain_name (0.5.24)
      unf (>= 0.0.5, < 1.0.0)
    equalizer (0.0.10)
    faraday (0.9.1)
      multipart-post (>= 1.2, < 3)
    gli (2.13.2)
    http (0.9.6)
      addressable (~> 2.3)
      http-cookie (~> 1.0)
      http-form_data (~> 1.0.1)
      http_parser.rb (~> 0.6.0)
    http-cookie (1.0.2)
      domain_name (~> 0.5)
    http-form_data (1.0.1)
    http_parser.rb (0.6.0)
    json (1.8.3)
    json2csv (0.0.4)
      gli (~> 2.11, >= 2.11.0)
      json_pure (~> 1.8.1)
      multi_json (~> 1.10.0)
      rake (~> 10.3, >= 10.3.2)
      terminal-table (~> 1.4, >= 1.4.5)
    json_pure (1.8.2)
    memoizable (0.4.2)
      thread_safe (~> 0.3, >= 0.3.1)
    mini_portile (0.6.2)
    multi_json (1.10.1)
    multipart-post (2.0.0)
    naught (1.1.0)
    nokogiri (1.6.6.2)
      mini_portile (~> 0.6.0)
    pg (0.18.3)
    rake (10.4.2)
    robotex (1.0.0)
    simple_oauth (0.3.1)
    terminal-table (1.5.2)
    thread_safe (0.3.5)
    twitter (5.15.0)
      addressable (~> 2.3)
      buftok (~> 0.2.0)
      equalizer (= 0.0.10)
      faraday (~> 0.9.0)
      http (>= 0.4, < 0.10)
      http_parser.rb (~> 0.6.0)
      json (~> 1.8)
      memoizable (~> 0.4.0)
      naught (~> 1.0)
      simple_oauth (~> 0.3.0)
    unf (0.1.4)
      unf_ext
    unf_ext (0.0.7.1)

PLATFORMS
  ruby

DEPENDENCIES
  anemone
  daemons
  dbi
  json2csv
  pg
  twitter
